GIT
  remote: https://github.com/circleci/minitest-ci.git
  revision: bd608f37e663c6e314a1590e04b560242bed0607
  specs:
    minitest-ci (3.1.0)
      minitest (>= 5.0.6)

GEM
  remote: http://rubygems.org/
  specs:
    ansi (1.5.0)
    archive-tar-minitar (0.6.1)
      minitar (~> 0.6)
      minitar-cli (~> 0.6)
    ast (2.3.0)
    astrolabe (1.3.1)
      parser (~> 2.2)
    bcl (0.5.6)
      archive-tar-minitar
      builder
      faraday
      multi_json
      nokogiri
      roo
      rubyXL
      rubyzip
      uuid
      yamler
      zliby
    builder (3.2.3)
    ci_reporter (2.0.0)
      builder (>= 2.1.2)
    ci_reporter_minitest (1.0.0)
      ci_reporter (~> 2.0)
      minitest (~> 5.0)
    colored (1.2)
    coveralls (0.8.19)
      json (>= 1.8, < 3)
      simplecov (~> 0.12.0)
      term-ansicolor (~> 1.3)
      thor (~> 0.19.1)
      tins (~> 1.6)
    docile (1.1.5)
    docker-api (1.33.2)
      excon (>= 0.38.0)
      json
    domain_name (0.5.20170223)
      unf (>= 0.0.5, < 1.0.0)
    excon (0.55.0)
    faraday (0.12.2)
      multipart-post (>= 1.2, < 3)
    ffi (1.9.18)
    ffi (1.9.18-x64-mingw32)
    hashie (3.5.6)
    http-cookie (1.0.3)
      domain_name (~> 0.5)
    json (1.8.6)
    macaddr (1.7.1)
      systemu (~> 2.6.2)
    mime-types (3.1)
      mime-types-data (~> 3.2015)
    mime-types-data (3.2016.0521)
    mini_portile2 (2.1.0)
    minitar (0.6.1)
    minitar-cli (0.6.1)
      minitar (~> 0.6.0)
      powerbar (~> 1.0)
    minitest (5.10.1)
    minitest-reporters (1.1.14)
      ansi
      builder
      minitest (>= 5.0)
      ruby-progressbar
    multi_json (1.12.1)
    multipart-post (2.0.0)
    netrc (0.11.0)
    nokogiri (1.6.8.1)
      mini_portile2 (~> 2.1.0)
    nokogiri (1.6.8.1-x64-mingw32)
      mini_portile2 (~> 2.1.0)
    parallel (1.11.2)
    parser (2.4.0.0)
      ast (~> 2.2)
    powerbar (1.0.18)
      hashie (>= 1.1.0)
    powerpack (0.0.9)
    rainbow (2.2.1)
    rake (11.2.2)
    rest-client (2.0.1)
      http-cookie (>= 1.0.2, < 2.0)
      mime-types (>= 1.16, < 4.0)
      netrc (~> 0.8)
    rest-client (2.0.1-x64-mingw32)
      ffi (~> 1.9)
      http-cookie (>= 1.0.2, < 2.0)
      mime-types (>= 1.16, < 4.0)
      netrc (~> 0.8)
    roo (2.7.1)
      nokogiri (~> 1)
      rubyzip (~> 1.1, < 2.0.0)
    rubocop (0.26.1)
      astrolabe (~> 1.3)
      parser (>= 2.2.0.pre.4, < 3.0)
      powerpack (~> 0.0.6)
      rainbow (>= 1.99.1, < 3.0)
      ruby-progressbar (~> 1.4)
    rubocop-checkstyle_formatter (0.1.1)
      rubocop (>= 0.14.0)
    ruby-progressbar (1.8.1)
    rubyXL (3.3.26)
      nokogiri (>= 1.4.4)
      rubyzip (>= 1.1.6)
    rubyzip (1.2.1)
    simplecov (0.12.0)
      docile (~> 1.1.0)
      json (>= 1.8, < 3)
      simplecov-html (~> 0.10.0)
    simplecov-html (0.10.0)
    systemu (2.6.5)
    term-ansicolor (1.4.0)
      tins (~> 1.0)
    thor (0.19.4)
    tins (1.13.2)
    unf (0.1.4)
      unf_ext
    unf_ext (0.0.7.2)
    unf_ext (0.0.7.2-x64-mingw32)
    uuid (2.3.8)
      macaddr (~> 1.0)
    yamler (0.1.0)
    zliby (0.0.5)

PLATFORMS
  ruby
  x64-mingw32

DEPENDENCIES
  bcl (= 0.5.6)
  ci_reporter_minitest (~> 1.0.0)
  colored (~> 1.2)
  coveralls
  docker-api
  ffi (~> 1.9.18)
  json (~> 1.8)
  minitest (~> 5.9)
  minitest-ci!
  minitest-reporters
  nokogiri (~> 1.6, <= 1.6.8.1)
  parallel
  rake (~> 11.2.2)
  rest-client (~> 2.0.1)
  rubocop (~> 0.26.0)
  rubocop-checkstyle_formatter (~> 0.1.1)
  rubyzip

BUNDLED WITH
   1.14.6
